PATH
  remote: .
  specs:
    packguy (0.1.0)

GEM
  remote: https://rubygems.org/
  remote: https://repo.nlevel.io/ruby/
  specs:
    diff-lcs (1.3)
    docker_task (0.1.4)
      rake
    rake (12.3.1)
    rspec (3.8.0)
      rspec-core (~> 3.8.0)
      rspec-expectations (~> 3.8.0)
      rspec-mocks (~> 3.8.0)
    rspec-core (3.8.0)
      rspec-support (~> 3.8.0)
    rspec-expectations (3.8.1)
      diff-lcs (>= 1.2.0, < 2.0)
      rspec-support (~> 3.8.0)
    rspec-mocks (3.8.0)
      diff-lcs (>= 1.2.0, < 2.0)
      rspec-support (~> 3.8.0)
    rspec-support (3.8.0)

PLATFORMS
  ruby

DEPENDENCIES
  bundler
  docker_task (~> 0.1.4)!
  packguy!
  rspec

BUNDLED WITH
   1.16.2
